GEM
  remote: https://rubygems.org/
  specs:
    mini_portile2 (2.4.0)
    nokogiri (1.10.10)
      mini_portile2 (~> 2.4.0)
    pokeloc_parser (0.1.0)
      nokogiri (>= 1.10)

PLATFORMS
  ruby

DEPENDENCIES
  pokeloc_parser

RUBY VERSION
   ruby 2.7.1p83

BUNDLED WITH
   2.1.4
